GEM
  remote: https://rubygems.org/
  specs:
    byebug (11.0.1)
    concurrent-ruby (1.1.5)
    diff-lcs (1.3)
    i18n (1.7.0)
      concurrent-ruby (~> 1.0)
    money (6.13.4)
      i18n (>= 0.6.4, <= 2)
    rspec (3.9.0)
      rspec-core (~> 3.9.0)
      rspec-expectations (~> 3.9.0)
      rspec-mocks (~> 3.9.0)
    rspec-core (3.9.0)
      rspec-support (~> 3.9.0)
    rspec-expectations (3.9.0)
      diff-lcs (>= 1.2.0, < 2.0)
      rspec-support (~> 3.9.0)
    rspec-mocks (3.9.0)
      diff-lcs (>= 1.2.0, < 2.0)
      rspec-support (~> 3.9.0)
    rspec-support (3.9.0)

PLATFORMS
  ruby

DEPENDENCIES
  byebug
  money
  rspec

RUBY VERSION
   ruby 2.6.3p62

BUNDLED WITH
   2.0.2
